PATH
  remote: .
  specs:
    selenium-webdriver (2.45.0.dev2)
      childprocess (~> 0.5)
      multi_json (~> 1.0)
      rubyzip (~> 1.0)
      websocket (~> 1.0)

GEM
  remote: https://rubygems.org/
  specs:
    addressable (2.3.6)
    builder (3.2.2)
    childprocess (0.5.5)
      ffi (~> 1.0, >= 1.0.11)
    ci_reporter (1.6.9)
      builder (>= 2.1.2)
    crack (0.4.1)
      safe_yaml (~> 0.9.0)
    diff-lcs (1.2.5)
    ffi (1.9.6)
    multi_json (1.10.1)
    rack (1.5.2)
    rspec (2.99.0)
      rspec-core (~> 2.99.0)
      rspec-expectations (~> 2.99.0)
      rspec-mocks (~> 2.99.0)
    rspec-core (2.99.2)
    rspec-expectations (2.99.2)
      diff-lcs (>= 1.1.3, < 2.0)
    rspec-mocks (2.99.2)
    rubyzip (1.1.6)
    safe_yaml (0.9.7)
    webmock (1.7.10)
      addressable (~> 2.2, > 2.2.5)
      crack (>= 0.1.7)
    websocket (1.2.1)

PLATFORMS
  ruby

DEPENDENCIES
  ci_reporter (~> 1.6, >= 1.6.2)
  rack (~> 1.0)
  rspec (~> 2.99.0)
  selenium-webdriver!
  webmock (~> 1.7, >= 1.7.5)
